GIT
  remote: https://github.com/fog/fog-proxmox.git
  revision: 03025280e7fdb3883f938347000166a927646912
  specs:
    fog-proxmox (0.3.0)
      fog-core (~> 1.45)
      fog-json (~> 1.0)
      ipaddress (~> 0.8)

PATH
  remote: .
  specs:
    foreman_proxmox (0.1.0)

GEM
  remote: https://rubygems.org/
  specs:
    ast (2.4.0)
    builder (3.2.3)
    excon (0.62.0)
    fog-core (1.45.0)
      builder
      excon (~> 0.58)
      formatador (~> 0.2)
    fog-json (1.0.2)
      fog-core (~> 1.0)
      multi_json (~> 1.10)
    formatador (0.2.5)
    ipaddress (0.8.3)
    multi_json (1.13.1)
    parallel (1.12.1)
    parser (2.5.1.0)
      ast (~> 2.4.0)
    powerpack (0.1.1)
    rainbow (3.0.0)
    rdoc (6.0.1)
    rubocop (0.55.0)
      parallel (~> 1.10)
      parser (>= 2.5)
      powerpack (~> 0.1)
      rainbow (>= 2.2.2, < 4.0)
      ruby-progressbar (~> 1.7)
      unicode-display_width (~> 1.0, >= 1.0.1)
    ruby-progressbar (1.9.0)
    unicode-display_width (1.3.2)

PLATFORMS
  ruby

DEPENDENCIES
  fog-proxmox!
  foreman_proxmox!
  rdoc
  rubocop

BUNDLED WITH
   1.16.1
